GEM
  remote: https://rubygems.org/
  specs:
    clockwork (2.0.3)
      tzinfo
    concurrent-ruby (1.1.5)
    foreman (0.85.0)
      thor (~> 0.19.1)
    json (2.2.0)
    thor (0.19.4)
    tzinfo (2.0.0)
      concurrent-ruby (~> 1.0)

PLATFORMS
  ruby

DEPENDENCIES
  clockwork
  foreman
  json
  tzinfo

BUNDLED WITH
   1.17.1
